PATH
  remote: .
  specs:
    taskmapper-pivotal (0.9.1)
      taskmapper (~> 1.0)

GEM
  remote: https://rubygems.org/
  specs:
    activemodel (3.2.14)
      activesupport (= 3.2.14)
      builder (~> 3.0.0)
    activeresource (3.2.14)
      activemodel (= 3.2.14)
      activesupport (= 3.2.14)
    activesupport (3.2.14)
      i18n (~> 0.6, >= 0.6.4)
      multi_json (~> 1.0)
    builder (3.0.4)
    diff-lcs (1.2.4)
    hashie (2.0.5)
    i18n (0.6.5)
    multi_json (1.8.2)
    rake (10.0.4)
    rspec (2.14.1)
      rspec-core (~> 2.14.0)
      rspec-expectations (~> 2.14.0)
      rspec-mocks (~> 2.14.0)
    rspec-core (2.14.5)
    rspec-expectations (2.14.3)
      diff-lcs (>= 1.1.3, < 2.0)
    rspec-mocks (2.14.3)
    taskmapper (1.0.1)
      activeresource (~> 3.0)
      activesupport (~> 3.0)
      hashie (~> 2.0)

PLATFORMS
  ruby

DEPENDENCIES
  rake
  rspec (~> 2.14.1)
  taskmapper-pivotal!
